PATH
  remote: .
  specs:
    fluent-plugin-slackrtm (0.2.4)
      fluent-mixin-config-placeholders (>= 0.3.0)
      fluentd (>= 0.10.49, < 2)
      slack-rtmapi (= 1.0.0.rc4)

GEM
  remote: https://rubygems.org/
  specs:
    cool.io (1.5.3)
    dig_rb (1.0.1)
    fluent-mixin-config-placeholders (0.4.0)
      fluentd
      uuidtools (>= 2.1.5)
    fluentd (1.4.0)
      cool.io (>= 1.4.5, < 2.0.0)
      dig_rb (~> 1.0.0)
      http_parser.rb (>= 0.5.1, < 0.7.0)
      msgpack (>= 0.7.0, < 2.0.0)
      serverengine (>= 2.0.4, < 3.0.0)
      sigdump (~> 0.2.2)
      strptime (>= 0.2.2, < 1.0.0)
      tzinfo (~> 1.0)
      tzinfo-data (~> 1.0)
      yajl-ruby (~> 1.0)
    http_parser.rb (0.6.0)
    msgpack (1.2.9)
    power_assert (0.2.2)
    rake (10.4.2)
    serverengine (2.1.0)
      sigdump (~> 0.2.2)
    sigdump (0.2.4)
    slack-rtmapi (1.0.0.rc4)
      websocket-driver
    strptime (0.2.3)
    test-unit (3.0.8)
      power_assert
    thread_safe (0.3.6)
    tzinfo (1.2.5)
      thread_safe (~> 0.1)
    tzinfo-data (1.2018.9)
      tzinfo (>= 1.0.0)
    uuidtools (2.1.5)
    websocket-driver (0.7.0)
      websocket-extensions (>= 0.1.0)
    websocket-extensions (0.1.3)
    yajl-ruby (1.4.1)

PLATFORMS
  ruby

DEPENDENCIES
  fluent-plugin-slackrtm!
  rake (>= 0.9.2)
  test-unit (>= 3.0.8)

BUNDLED WITH
   1.17.3
