PATH
  remote: .
  specs:
    fluent-plugin-slackrtm (0.0.1)
      fluent-mixin-config-placeholders (>= 0.3.0)
      fluentd (>= 0.10.49, < 2)
      slack-rtmapi

GEM
  remote: https://rubygems.org/
  specs:
    cool.io (1.3.0)
    fluent-mixin-config-placeholders (0.3.0)
      fluentd
      uuidtools (>= 2.1.5)
    fluentd (0.12.8)
      cool.io (>= 1.2.2, < 2.0.0)
      http_parser.rb (>= 0.5.1, < 0.7.0)
      json (>= 1.4.3)
      msgpack (>= 0.5.11, < 0.6.0)
      sigdump (~> 0.2.2)
      string-scrub (>= 0.0.3)
      tzinfo (>= 1.0.0)
      tzinfo-data (>= 1.0.0)
      yajl-ruby (~> 1.0)
    http_parser.rb (0.6.0)
    json (1.8.2)
    msgpack (0.5.11)
    power_assert (0.2.2)
    rake (10.4.2)
    sigdump (0.2.2)
    slack-rtmapi (1.0.0.rc4)
      websocket-driver
    string-scrub (0.0.5)
    test-unit (3.0.8)
      power_assert
    thread_safe (0.3.5)
    tzinfo (1.2.2)
      thread_safe (~> 0.1)
    tzinfo-data (1.2015.4)
      tzinfo (>= 1.0.0)
    uuidtools (2.1.5)
    websocket-driver (0.5.4)
      websocket-extensions (>= 0.1.0)
    websocket-extensions (0.1.2)
    yajl-ruby (1.2.1)

PLATFORMS
  ruby

DEPENDENCIES
  fluent-plugin-slackrtm!
  rake (>= 0.9.2)
  test-unit (>= 3.0.8)
